GEM
  remote: https://rubygems.org/
  specs:
    noop (0.0.1)

PLATFORMS
  ruby

DEPENDENCIES
  noop
